GEM
  remote: http://gems.github.com/
  remote: http://gemcutter.org/
  remote: http://rubygems.org/
  specs:
    addressable (2.3.2)
    em-websocket (0.3.8)
      addressable (>= 2.1.1)
      eventmachine (>= 0.12.9)
    eventmachine (1.0.0)
    eventmachine (1.0.0-java)
    faye-websocket (0.4.6)
      eventmachine (>= 0.12.0)
    faye-websocket (0.4.6-java)
      eventmachine (>= 0.12.0)
    filewatch (0.5.0)
    json (1.7.5-java)
    web-socket-ruby (0.1.0)

PLATFORMS
  java

DEPENDENCIES
  em-websocket
  eventmachine
  faye-websocket
  filewatch
  json
  web-socket-ruby
