GEM
  remote: http://gems.github.com/
  remote: http://gemcutter.org/
  remote: http://rubygems.org/
  specs:
    addressable (2.3.2)
    em-websocket (0.3.8)
      addressable (>= 2.1.1)
      eventmachine (>= 0.12.9)
    eventmachine (1.0.0)
    eventmachine (1.0.0-java)
    faye-websocket (0.4.6)
      eventmachine (>= 0.12.0)
    faye-websocket (0.4.6-java)
      eventmachine (>= 0.12.0)
    filewatch (0.5.0)
    jruby-jars (1.7.0)
    jruby-rack (1.1.10)
    json (1.7.5)
    json (1.7.5-java)
    rake (10.0.1)
    rubyzip (0.9.9)
    rubyzip2 (2.0.2)
    warbler (1.3.6)
      jruby-jars (>= 1.4.0)
      jruby-rack (>= 1.0.0)
      rake (>= 0.8.7)
      rubyzip (>= 0.9.4)
    web-socket-ruby (0.1.0)

PLATFORMS
  java

DEPENDENCIES
  em-websocket
  eventmachine
  faye-websocket
  filewatch
  json
  rubyzip2
  warbler
  web-socket-ruby
